GEM
  remote: https://rubygems.org/
  specs:
    ast (2.3.0)
    awesome_print (1.8.0)
    binding_of_caller (0.7.3)
      debug_inspector (>= 0.0.1)
    bitclust-core (1.1.0)
      progressbar (= 0.21.0)
      rack
    byebug (9.1.0)
    coderay (1.1.2)
    debug_inspector (0.0.3)
    diff-lcs (1.3)
    method_source (0.9.0)
    parallel (1.12.1)
    parser (2.4.0.2)
      ast (~> 2.3)
    powerpack (0.1.1)
    progressbar (0.21.0)
    pry (0.11.3)
      coderay (~> 1.1.0)
      method_source (~> 0.9.0)
    pry-byebug (3.5.1)
      byebug (~> 9.1)
      pry (~> 0.10)
    pry-doc (0.11.1)
      pry (~> 0.9)
      yard (~> 0.9)
    pry-stack_explorer (0.4.9.2)
      binding_of_caller (>= 0.7)
      pry (>= 0.9.11)
    rack (2.0.3)
    rainbow (3.0.0)
    refe2 (1.1.0)
      bitclust-core (= 1.1.0)
    rspec (3.7.0)
      rspec-core (~> 3.7.0)
      rspec-expectations (~> 3.7.0)
      rspec-mocks (~> 3.7.0)
    rspec-core (3.7.0)
      rspec-support (~> 3.7.0)
    rspec-expectations (3.7.0)
      diff-lcs (>= 1.2.0, < 2.0)
      rspec-support (~> 3.7.0)
    rspec-mocks (3.7.0)
      diff-lcs (>= 1.2.0, < 2.0)
      rspec-support (~> 3.7.0)
    rspec-support (3.7.0)
    rubocop (0.52.1)
      parallel (~> 1.10)
      parser (>= 2.4.0.2, < 3.0)
      powerpack (~> 0.1)
      rainbow (>= 2.2.2, < 4.0)
      ruby-progressbar (~> 1.7)
      unicode-display_width (~> 1.0, >= 1.0.1)
    ruby-progressbar (1.9.0)
    tapp (1.5.1)
      thor
    thor (0.20.0)
    unicode-display_width (1.3.0)
    yard (0.9.12)

PLATFORMS
  ruby

DEPENDENCIES
  awesome_print
  pry
  pry-byebug
  pry-doc
  pry-stack_explorer
  refe2
  rspec
  rubocop
  tapp

BUNDLED WITH
   1.16.1
